GEM
  remote: http://rubygems.org/
  specs:
    curb (0.8.0)
    diff-lcs (1.1.3)
    highline (1.6.11)
    net-ssh (2.3.0)
    platform_helpers (0.1.3)
    process_control (0.1.0)
      platform_helpers
      process_mgt
      wait_for
    process_mgt (0.1.0)
      platform_helpers
    rspec (2.8.0)
      rspec-core (~> 2.8.0)
      rspec-expectations (~> 2.8.0)
      rspec-mocks (~> 2.8.0)
    rspec-core (2.8.0)
    rspec-expectations (2.8.0)
      diff-lcs (~> 1.1.2)
    rspec-mocks (2.8.0)
    wait_for (0.1.1)

PLATFORMS
  ruby

DEPENDENCIES
  curb
  highline
  net-ssh
  platform_helpers
  process_control
  rspec
  wait_for
